GEM
  remote: https://rubygems.org/
  specs:
    ansi (1.5.0)
    builder (3.2.3)
    json (2.1.0)
    minitest (5.10.1)
    minitest-reporters (1.1.14)
      ansi
      builder
      minitest (>= 5.0)
      ruby-progressbar
    passenger (5.1.3)
      rack
      rake (>= 0.8.1)
    rack (1.6.5)
    rack-protection (1.5.3)
      rack
    rack-test (0.6.3)
      rack (>= 1.0)
    rake (12.0.0)
    ruby-progressbar (1.8.1)
    sinatra (1.4.8)
      rack (~> 1.5)
      rack-protection (~> 1.4)
      tilt (>= 1.3, < 3)
    tilt (2.0.7)

PLATFORMS
  ruby

DEPENDENCIES
  json (~> 2.1)
  minitest (~> 5.10)
  minitest-reporters (~> 1.1)
  passenger (~> 5.1)
  rack-test (~> 0.6)
  sinatra (~> 1.4)

BUNDLED WITH
   1.14.6
